GEM
  remote: https://rubygems.org/
  specs:
    ast (2.4.0)
    codecov (0.1.13)
      json
      simplecov
      url
    diff-lcs (1.3)
    docile (1.3.1)
    hpricot (0.8.6)
    jaro_winkler (1.5.1)
    json (2.1.0)
    mustache (1.1.0)
    parallel (1.12.1)
    parallel_tests (2.26.2)
      parallel
    parser (2.5.3.0)
      ast (~> 2.4.0)
    powerpack (0.1.2)
    rainbow (3.0.0)
    rdiscount (2.2.0.1)
    ronn (0.7.3)
      hpricot (>= 0.8.2)
      mustache (>= 0.7.0)
      rdiscount (>= 1.5.8)
    rspec (3.8.0)
      rspec-core (~> 3.8.0)
      rspec-expectations (~> 3.8.0)
      rspec-mocks (~> 3.8.0)
    rspec-core (3.8.0)
      rspec-support (~> 3.8.0)
    rspec-expectations (3.8.2)
      diff-lcs (>= 1.2.0, < 2.0)
      rspec-support (~> 3.8.0)
    rspec-its (1.2.0)
      rspec-core (>= 3.0.0)
      rspec-expectations (>= 3.0.0)
    rspec-mocks (3.8.0)
      diff-lcs (>= 1.2.0, < 2.0)
      rspec-support (~> 3.8.0)
    rspec-retry (0.6.1)
      rspec-core (> 3.3)
    rspec-support (3.8.0)
    rspec-wait (0.0.9)
      rspec (>= 3, < 4)
    rubocop (0.60.0)
      jaro_winkler (~> 1.5.1)
      parallel (~> 1.10)
      parser (>= 2.5, != 2.5.1.1)
      powerpack (~> 0.1)
      rainbow (>= 2.2.2, < 4.0)
      ruby-progressbar (~> 1.7)
      unicode-display_width (~> 1.4.0)
    ruby-progressbar (1.10.0)
    simplecov (0.16.1)
      docile (~> 1.1)
      json (>= 1.8, < 3)
      simplecov-html (~> 0.10.0)
    simplecov-cobertura (1.3.0)
      simplecov (~> 0.8)
    simplecov-html (0.10.2)
    unicode-display_width (1.4.0)
    url (0.3.2)

PLATFORMS
  ruby

DEPENDENCIES
  codecov
  parallel_tests
  ronn
  rspec
  rspec-its
  rspec-retry
  rspec-wait
  rubocop (= 0.60.0)
  simplecov
  simplecov-cobertura

BUNDLED WITH
   1.16.6
