GIT
  remote: https://github.com/colszowka/simplecov.git
  revision: 83d8031ddde0927f87ef9327200a98583ca18d77
  ref: 83d8031ddde0927f87ef9327200a98583ca18d77
  branch: master
  specs:
    simplecov (0.12.0)
      docile (~> 1.1.0)
      json (>= 1.8, < 3)
      simplecov-html (~> 0.10.0)

GEM
  remote: https://rubygems.org/
  specs:
    codecov (0.1.6)
      json
      simplecov
      url
    docile (1.1.5)
    json (2.0.2)
    metaclass (0.0.4)
    minitest (5.9.1)
    mocha (1.2.1)
      metaclass (~> 0.0.1)
    parallel (1.9.0)
    parallel_tests (2.10.0)
      parallel
    power_assert (0.3.1)
    rake (10.5.0)
    simplecov-html (0.10.0)
    test-unit (3.2.1)
      power_assert
    url (0.3.2)

PLATFORMS
  ruby

DEPENDENCIES
  codecov
  minitest (~> 5.3)
  mocha (~> 1.1)
  parallel_tests (~> 2.9)
  rake (~> 10.3)
  simplecov (= 0.12.0)!
  test-unit (~> 3.2)

BUNDLED WITH
   1.13.6
