GIT
  remote: https://github.com/colszowka/simplecov.git
  revision: 257e26394c464c4ab388631b4eff1aa98c37d3f1
  branch: master
  specs:
    simplecov (0.12.0)
      docile (~> 1.1.0)
      json (>= 1.8, < 3)
      simplecov-html (~> 0.10.0)

GEM
  remote: https://rubygems.org/
  specs:
    coveralls (0.8.14)
      json (>= 1.8, < 3)
      simplecov (~> 0.12.0)
      term-ansicolor (~> 1.3)
      thor (~> 0.19.1)
      tins (~> 1.6.0)
    docile (1.1.5)
    json (1.8.3)
    metaclass (0.0.4)
    minitest (5.9.0)
    mocha (1.1.0)
      metaclass (~> 0.0.1)
    rake (10.5.0)
    simplecov-html (0.10.0)
    term-ansicolor (1.3.2)
      tins (~> 1.0)
    thor (0.19.1)
    tins (1.6.0)

PLATFORMS
  ruby

DEPENDENCIES
  coveralls (= 0.8.14)
  minitest (~> 5.3)
  mocha (~> 1.1)
  rake (~> 10.3)
  simplecov (= 0.12.0)!

BUNDLED WITH
   1.12.5
